GIT
  remote: https://github.com/scoophealth/patientapi.git
  revision: 2afc31e48f0480ca9ce16f27939a0a1a5efd153d
  branch: scoop-develop
  specs:
    hquery-patient-api (1.0.0)

GEM
  remote: https://rubygems.org/
  specs:
    actionmailer (3.2.7)
      actionpack (= 3.2.7)
      mail (~> 2.4.4)
    actionpack (3.2.7)
      activemodel (= 3.2.7)
      activesupport (= 3.2.7)
      builder (~> 3.0.0)
      erubis (~> 2.7.0)
      journey (~> 1.0.4)
      rack (~> 1.4.0)
      rack-cache (~> 1.2)
      rack-test (~> 0.6.1)
      sprockets (~> 2.1.3)
    activemodel (3.2.7)
      activesupport (= 3.2.7)
      builder (~> 3.0.0)
    activerecord (3.2.7)
      activemodel (= 3.2.7)
      activesupport (= 3.2.7)
      arel (~> 3.0.2)
      tzinfo (~> 0.3.29)
    activeresource (3.2.7)
      activemodel (= 3.2.7)
      activesupport (= 3.2.7)
    activesupport (3.2.7)
      i18n (~> 0.6)
      multi_json (~> 1.0)
    ansi (1.4.3)
    arel (3.0.2)
    bcrypt-ruby (3.1.1)
    builder (3.0.4)
    cancan (1.6.10)
    childprocess (0.3.9)
      ffi (~> 1.0, >= 1.0.11)
    coderay (1.0.9)
    coffee-rails (3.2.2)
      coffee-script (>= 2.2.0)
      railties (~> 3.2.0)
    coffee-script (2.2.0)
      coffee-script-source
      execjs
    coffee-script-source (1.6.3)
    configatron (2.13.0)
      yamler (>= 0.1.0)
    cover_me (1.1.2)
      configatron
      hashie
    daemons (1.1.9)
    delayed_job (3.0.5)
      activesupport (~> 3.0)
    delayed_job_mongoid (2.0.0)
      delayed_job (~> 3.0)
      mongoid (~> 3.0)
    devise (2.2.4)
      bcrypt-ruby (~> 3.0)
      orm_adapter (~> 0.1)
      railties (~> 3.1)
      warden (~> 1.2.1)
    diff-lcs (1.2.4)
    erubis (2.7.0)
    execjs (1.4.0)
      multi_json (~> 1.0)
    factory_girl (4.2.0)
      activesupport (>= 3.0.0)
    fakeweb (1.3.0)
    ffi (1.9.0)
    hashie (2.0.5)
    headless (1.0.1)
    hike (1.2.3)
    i18n (0.6.4)
    jasmine (1.3.2)
      jasmine-core (~> 1.3.1)
      rack (~> 1.0)
      rspec (>= 1.3.1)
      selenium-webdriver (>= 0.1.3)
    jasmine-core (1.3.1)
    journey (1.0.4)
    jquery-rails (1.0.19)
      railties (~> 3.0)
      thor (~> 0.14)
    json (1.8.0)
    kramdown (1.1.0)
    libv8 (3.11.8.17)
    mail (2.4.4)
      i18n (>= 0.4.0)
      mime-types (~> 1.16)
      treetop (~> 1.4.8)
    metaclass (0.0.1)
    method_source (0.8.1)
    mime-types (1.23)
    minitest (4.7.5)
    mocha (0.14.0)
      metaclass (~> 0.0.1)
    mongoid (3.1.4)
      activemodel (~> 3.2)
      moped (~> 1.4)
      origin (~> 1.0)
      tzinfo (~> 0.3.22)
    mongoid_rails_migrations (1.0.1)
      activesupport (>= 3.2.0)
      bundler (>= 1.0.0)
      rails (>= 3.2.0)
      railties (>= 3.2.0)
    moped (1.5.0)
    multi_json (1.7.7)
    multipart-post (1.2.0)
    origin (1.1.0)
    orm_adapter (0.4.0)
    polyglot (0.3.3)
    pry (0.9.12.2)
      coderay (~> 1.0.5)
      method_source (~> 0.8)
      slop (~> 3.4)
    rack (1.4.5)
    rack-cache (1.2)
      rack (>= 0.4)
    rack-ssl (1.3.3)
      rack
    rack-test (0.6.2)
      rack (>= 1.0)
    rails (3.2.7)
      actionmailer (= 3.2.7)
      actionpack (= 3.2.7)
      activerecord (= 3.2.7)
      activeresource (= 3.2.7)
      activesupport (= 3.2.7)
      bundler (~> 1.0)
      railties (= 3.2.7)
    railties (3.2.7)
      actionpack (= 3.2.7)
      activesupport (= 3.2.7)
      rack-ssl (~> 1.3.2)
      rake (>= 0.8.7)
      rdoc (~> 3.4)
      thor (>= 0.14.6, < 2.0)
    rake (10.1.0)
    rdoc (3.12.2)
      json (~> 1.4)
    ref (1.0.5)
    rspec (2.14.0)
      rspec-core (~> 2.14.0)
      rspec-expectations (~> 2.14.0)
      rspec-mocks (~> 2.14.0)
    rspec-core (2.14.2)
    rspec-expectations (2.14.0)
      diff-lcs (>= 1.1.3, < 2.0)
    rspec-mocks (2.14.1)
    rubyzip (0.9.9)
    sass (3.2.9)
    sass-rails (3.2.6)
      railties (~> 3.2.0)
      sass (>= 3.1.10)
      tilt (~> 1.3)
    selenium-webdriver (2.33.0)
      childprocess (>= 0.2.5)
      multi_json (~> 1.0)
      rubyzip
      websocket (~> 1.0.4)
    simple_form (2.1.0)
      actionpack (~> 3.0)
      activemodel (~> 3.0)
    slop (3.4.5)
    sprockets (2.1.3)
      hike (~> 1.2)
      rack (~> 1.0)
      tilt (~> 1.1, != 1.3.0)
    therubyracer (0.11.4)
      libv8 (~> 3.11.8.12)
      ref
    thor (0.18.1)
    tilt (1.4.1)
    treetop (1.4.14)
      polyglot
      polyglot (>= 0.3.1)
    turn (0.9.6)
      ansi
    tzinfo (0.3.37)
    uglifier (2.1.1)
      execjs (>= 0.3.0)
      multi_json (~> 1.0, >= 1.0.2)
    warden (1.2.1)
      rack (>= 1.0)
    webrick (1.3.1)
    websocket (1.0.7)
    yamler (0.1.0)

PLATFORMS
  ruby

DEPENDENCIES
  cancan
  coderay
  coffee-rails
  cover_me (>= 1.0.0.rc6)
  daemons
  delayed_job
  delayed_job_mongoid
  devise
  factory_girl
  fakeweb
  headless
  hquery-patient-api!
  jasmine
  jquery-rails (= 1.0.19)
  kramdown
  minitest (< 5.0.0)
  mocha
  mongoid
  mongoid_rails_migrations
  multipart-post
  pry
  rails (= 3.2.7)
  sass-rails
  simple_form
  sprockets
  therubyracer
  therubyrhino
  turn
  uglifier
  webrick (= 1.3.1)
